PATH
  remote: .
  specs:
    textile_manual (0.0.4)
      RedCloth (~> 4.3.2)
      middleman-core (>= 4.2.1)
      slim (>= 3.0.6)

GEM
  remote: https://rubygems.org/
  specs:
    RedCloth (4.3.2)
    activesupport (5.0.2)
      concurrent-ruby (~> 1.0, >= 1.0.2)
      i18n (~> 0.7)
      minitest (~> 5.1)
      tzinfo (~> 1.1)
    addressable (2.5.0)
      public_suffix (~> 2.0, >= 2.0.2)
    aruba (0.14.2)
      childprocess (~> 0.5.6)
      contracts (~> 0.9)
      cucumber (>= 1.3.19)
      ffi (~> 1.9.10)
      rspec-expectations (>= 2.99)
      thor (~> 0.19)
    autoprefixer-rails (6.7.7)
      execjs
    backports (3.6.8)
    builder (3.2.3)
    capybara (2.13.0)
      addressable
      mime-types (>= 1.16)
      nokogiri (>= 1.3.3)
      rack (>= 1.0.0)
      rack-test (>= 0.5.4)
      xpath (~> 2.0)
    childprocess (0.5.9)
      ffi (~> 1.0, >= 1.0.11)
    chunky_png (1.3.8)
    coffee-script (2.4.1)
      coffee-script-source
      execjs
    coffee-script-source (1.12.2)
    compass (1.0.3)
      chunky_png (~> 1.2)
      compass-core (~> 1.0.2)
      compass-import-once (~> 1.0.5)
      rb-fsevent (>= 0.9.3)
      rb-inotify (>= 0.9)
      sass (>= 3.3.13, < 3.5)
    compass-core (1.0.3)
      multi_json (~> 1.0)
      sass (>= 3.3.0, < 3.5)
    compass-import-once (1.0.5)
      sass (>= 3.2, < 3.5)
    concurrent-ruby (1.0.5)
    contracts (0.13.0)
    cucumber (2.4.0)
      builder (>= 2.1.2)
      cucumber-core (~> 1.5.0)
      cucumber-wire (~> 0.0.1)
      diff-lcs (>= 1.1.3)
      gherkin (~> 4.0)
      multi_json (>= 1.7.5, < 2.0)
      multi_test (>= 0.1.2)
    cucumber-core (1.5.0)
      gherkin (~> 4.0)
    cucumber-wire (0.0.1)
    diff-lcs (1.3)
    dotenv (2.2.0)
    em-websocket (0.5.1)
      eventmachine (>= 0.12.9)
      http_parser.rb (~> 0.6.0)
    erubis (2.7.0)
    eventmachine (1.2.3)
    execjs (2.7.0)
    fast_blank (1.0.0)
    fastimage (2.1.0)
    ffi (1.9.18)
    gherkin (4.0.0)
    haml (4.0.7)
      tilt
    hamster (3.0.0)
      concurrent-ruby (~> 1.0)
    hashie (3.5.5)
    http_parser.rb (0.6.0)
    i18n (0.7.0)
    kramdown (1.13.2)
    listen (3.0.8)
      rb-fsevent (~> 0.9, >= 0.9.4)
      rb-inotify (~> 0.9, >= 0.9.7)
    memoist (0.15.0)
    middleman (4.2.1)
      coffee-script (~> 2.2)
      compass-import-once (= 1.0.5)
      haml (>= 4.0.5)
      kramdown (~> 1.2)
      middleman-cli (= 4.2.1)
      middleman-core (= 4.2.1)
      sass (>= 3.4.0, < 4.0)
    middleman-autoprefixer (2.7.1)
      autoprefixer-rails (>= 6.5.2, < 7.0.0)
      middleman-core (>= 3.3.3)
    middleman-cli (4.2.1)
      thor (>= 0.17.0, < 2.0)
    middleman-compass (4.0.1)
      compass (>= 1.0.0, < 2.0.0)
      middleman-core (>= 4.0.0)
    middleman-core (4.2.1)
      activesupport (>= 4.2, < 5.1)
      addressable (~> 2.3)
      backports (~> 3.6)
      bundler (~> 1.1)
      contracts (~> 0.13.0)
      dotenv
      erubis
      execjs (~> 2.0)
      fast_blank
      fastimage (~> 2.0)
      hamster (~> 3.0)
      hashie (~> 3.4)
      i18n (~> 0.7.0)
      listen (~> 3.0.0)
      memoist (~> 0.14)
      padrino-helpers (~> 0.13.0)
      parallel
      rack (>= 1.4.5, < 3)
      sass (>= 3.4)
      servolux
      tilt (~> 2.0)
      uglifier (~> 3.0)
    middleman-livereload (3.4.6)
      em-websocket (~> 0.5.1)
      middleman-core (>= 3.3)
      rack-livereload (~> 0.3.15)
    middleman-sprockets (4.0.0)
      middleman-core (~> 4.0)
      sprockets (>= 3.0)
    middleman-syntax (3.0.0)
      middleman-core (>= 3.2)
      rouge (~> 2.0)
    mime-types (3.1)
      mime-types-data (~> 3.2015)
    mime-types-data (3.2016.0521)
    mini_portile2 (2.1.0)
    minitest (5.10.1)
    multi_json (1.12.1)
    multi_test (0.1.2)
    nokogiri (1.7.0.1)
      mini_portile2 (~> 2.1.0)
    padrino-helpers (0.13.3.3)
      i18n (~> 0.6, >= 0.6.7)
      padrino-support (= 0.13.3.3)
      tilt (>= 1.4.1, < 3)
    padrino-support (0.13.3.3)
      activesupport (>= 3.1)
    parallel (1.11.1)
    public_suffix (2.0.5)
    rack (2.0.1)
    rack-livereload (0.3.16)
      rack
    rack-test (0.6.3)
      rack (>= 1.0)
    rake (12.0.0)
    rb-fsevent (0.9.8)
    rb-inotify (0.9.8)
      ffi (>= 0.5.0)
    rdoc (5.1.0)
    rouge (2.0.7)
    rspec (3.5.0)
      rspec-core (~> 3.5.0)
      rspec-expectations (~> 3.5.0)
      rspec-mocks (~> 3.5.0)
    rspec-core (3.5.4)
      rspec-support (~> 3.5.0)
    rspec-expectations (3.5.0)
      diff-lcs (>= 1.2.0, < 2.0)
      rspec-support (~> 3.5.0)
    rspec-mocks (3.5.0)
      diff-lcs (>= 1.2.0, < 2.0)
      rspec-support (~> 3.5.0)
    rspec-support (3.5.0)
    sass (3.4.23)
    servolux (0.12.0)
    slim (4.0.1)
      temple (>= 0.7.6, < 0.9)
      tilt (>= 2.0.6, < 2.1)
    sprockets (3.7.1)
      concurrent-ruby (~> 1.0)
      rack (> 1, < 3)
    temple (0.8.1)
    thor (0.19.4)
    thread_safe (0.3.6)
    tilt (2.0.6)
    tzinfo (1.2.2)
      thread_safe (~> 0.1)
    uglifier (3.1.7)
      execjs (>= 0.3.0, < 3)
    xpath (2.0.0)
      nokogiri (~> 1.3)
    yard (0.9.8)

PLATFORMS
  ruby

DEPENDENCIES
  aruba
  capybara
  cucumber
  middleman (~> 4.2.1)
  middleman-autoprefixer
  middleman-compass
  middleman-livereload (~> 3.4)
  middleman-sprockets (~> 4.0.0.rc)
  middleman-syntax (~> 3.0)
  rake
  rdoc
  rspec
  textile_manual!
  yard

BUNDLED WITH
   1.16.6
